GIT
  remote: https://github.com/samvera-deprecated/jettywrapper.git
  revision: 6b03c21726a83dcecf09d9b20683bfcd63f106d1
  branch: master
  specs:
    jettywrapper (2.0.5)
      activesupport (>= 3.0.0)
      childprocess
      i18n
      rubyzip (~> 1.0)

GEM
  remote: https://rubygems.org/
  specs:
    actioncable (5.2.6)
      actionpack (= 5.2.6)
      nio4r (~> 2.0)
      websocket-driver (>= 0.6.1)
    actionmailer (5.2.6)
      actionpack (= 5.2.6)
      actionview (= 5.2.6)
      activejob (= 5.2.6)
      mail (~> 2.5, >= 2.5.4)
      rails-dom-testing (~> 2.0)
    actionpack (5.2.6)
      actionview (= 5.2.6)
      activesupport (= 5.2.6)
      rack (~> 2.0, >= 2.0.8)
      rack-test (>= 0.6.3)
      rails-dom-testing (~> 2.0)
      rails-html-sanitizer (~> 1.0, >= 1.0.2)
    actionpack-action_caching (1.2.2)
      actionpack (>= 4.0.0)
    actionview (5.2.6)
      activesupport (= 5.2.6)
      builder (~> 3.1)
      erubi (~> 1.4)
      rails-dom-testing (~> 2.0)
      rails-html-sanitizer (~> 1.0, >= 1.0.3)
    active-fedora (8.6.0)
      active-triples (~> 0.4.0)
      activesupport (>= 4.2.10)
      deprecation
      nom-xml (>= 0.5.1)
      om (~> 3.1)
      rdf-rdfxml (~> 1.1)
      rsolr (>= 1.0.11, < 3)
      rubydora (>= 1.8.0, < 3)
    active-triples (0.4.1)
      activemodel (>= 3.0.0)
      activesupport (>= 3.0.0)
      deprecation (~> 0.1)
      rdf (~> 1.1)
      rdf-vocab (~> 0.8)
    active_fedora_finders (0.5.0)
      active-fedora (>= 7.0.0)
      activerecord
      nokogiri
    activejob (5.2.6)
      activesupport (= 5.2.6)
      globalid (>= 0.3.6)
    activemodel (5.2.6)
      activesupport (= 5.2.6)
    activerecord (5.2.6)
      activemodel (= 5.2.6)
      activesupport (= 5.2.6)
      arel (>= 9.0)
    activestorage (5.2.6)
      actionpack (= 5.2.6)
      activerecord (= 5.2.6)
      marcel (~> 1.0.0)
    activesupport (5.2.6)
      concurrent-ruby (~> 1.0, >= 1.0.2)
      i18n (>= 0.7, < 2)
      minitest (~> 5.1)
      tzinfo (~> 1.1)
    addressable (2.8.0)
      public_suffix (>= 2.0.2, < 5.0)
    airbrussh (1.4.0)
      sshkit (>= 1.6.1, != 1.7.0)
    arel (9.0.0)
    ast (2.4.2)
    autoprefixer-rails (10.3.3.0)
      execjs (~> 2)
    bcrypt (3.1.16)
    bigdecimal (1.4.4)
    blacklight (6.18.0)
      bootstrap-sass (~> 3.2)
      deprecation
      globalid
      jbuilder
      kaminari (>= 0.15)
      nokogiri (~> 1.6)
      rails (>= 4.2, < 6)
      rsolr (>= 1.0.6, < 3)
      twitter-typeahead-rails (= 0.11.1.pre.corejavascript)
    bootsnap (1.9.1)
      msgpack (~> 1.0)
    bootstrap-sass (3.4.1)
      autoprefixer-rails (>= 5.2.1)
      sassc (>= 2.0.0)
    builder (3.2.4)
    cancancan (2.3.0)
    capistrano (3.5.0)
      airbrussh (>= 1.0.0)
      capistrano-harrow
      i18n
      rake (>= 10.0.0)
      sshkit (>= 1.9.0)
    capistrano-bundler (1.6.0)
      capistrano (~> 3.1)
    capistrano-harrow (0.5.3)
    capistrano-passenger (0.2.1)
      capistrano (~> 3.0)
    capistrano-rails (1.6.1)
      capistrano (~> 3.1)
      capistrano-bundler (>= 1.1, < 3)
    capistrano-rvm (0.1.2)
      capistrano (~> 3.0)
      sshkit (~> 1.2)
    capybara (3.36.0)
      addressable
      matrix
      mini_mime (>= 0.1.3)
      nokogiri (~> 1.8)
      rack (>= 1.6.0)
      rack-test (>= 0.6.3)
      regexp_parser (>= 1.5, < 3.0)
      xpath (~> 3.2)
    carrierwave (1.3.2)
      activemodel (>= 4.0.0)
      activesupport (>= 4.0.0)
      mime-types (>= 1.16)
      ssrf_filter (~> 1.0)
    childprocess (3.0.0)
    coderay (1.1.3)
    coffee-rails (5.0.0)
      coffee-script (>= 2.2.0)
      railties (>= 5.2.0)
    coffee-script (2.4.1)
      coffee-script-source
      execjs
    coffee-script-source (1.12.2)
    colorbox-rails (0.1.2)
      jquery-rails
      rails (>= 3.1.1)
    concurrent-ruby (1.1.9)
    crass (1.0.6)
    cul_hydra (1.10.0)
      active-fedora (>= 8.0, < 8.7.0)
      active-triples (~> 0.4.0)
      active_fedora_finders (>= 0.5.0)
      blacklight (~> 6.0)
      bootstrap-sass (~> 3.4.1)
      httpclient
      json (>= 1.8.3)
      mods
      rails (>= 5.2, < 6.0)
      rake (<= 11.3)
      rdf (>= 1.1.5)
      rubydora (~> 2.1.0)
      sparql
      sprockets (~> 3.0)
      thread
    cul_omniauth (0.6.1)
      cancancan (~> 2.0)
      devise-guests (~> 0.3)
      omniauth-cas
      rails (~> 5.0)
    daemons (1.4.1)
    database_cleaner (2.0.1)
      database_cleaner-active_record (~> 2.0.0)
    database_cleaner-active_record (2.0.1)
      activerecord (>= 5.a)
      database_cleaner-core (~> 2.0.0)
    database_cleaner-core (2.0.1)
    deprecation (0.99.0)
      activesupport
    devise (4.8.0)
      bcrypt (~> 3.0)
      orm_adapter (~> 0.1)
      railties (>= 4.1.0)
      responders
      warden (~> 1.2.3)
    devise-guests (0.8.1)
      devise
    diff-lcs (1.4.4)
    domain_name (0.5.20190701)
      unf (>= 0.0.5, < 1.0.0)
    ebnf (1.0.0)
      rdf (~> 1.1)
      sxp (~> 0.1, >= 0.1.3)
    edtf (3.0.6)
      activesupport (>= 3.0, < 7.0)
    equivalent-xml (0.6.0)
      nokogiri (>= 1.4.3)
    erubi (1.10.0)
    execjs (2.8.1)
    factory_bot (6.2.0)
      activesupport (>= 5.0.0)
    factory_bot_rails (6.2.0)
      factory_bot (~> 6.2.0)
      railties (>= 5.0.0)
    faraday (1.8.0)
      faraday-em_http (~> 1.0)
      faraday-em_synchrony (~> 1.0)
      faraday-excon (~> 1.1)
      faraday-httpclient (~> 1.0.1)
      faraday-net_http (~> 1.0)
      faraday-net_http_persistent (~> 1.1)
      faraday-patron (~> 1.0)
      faraday-rack (~> 1.0)
      multipart-post (>= 1.2, < 3)
      ruby2_keywords (>= 0.0.4)
    faraday-em_http (1.0.0)
    faraday-em_synchrony (1.0.0)
    faraday-excon (1.1.0)
    faraday-httpclient (1.0.1)
    faraday-net_http (1.0.1)
    faraday-net_http_persistent (1.2.0)
    faraday-patron (1.0.0)
    faraday-rack (1.0.0)
    ffi (1.15.4)
    globalid (0.5.2)
      activesupport (>= 5.0)
    haml (5.2.2)
      temple (>= 0.8.0)
      tilt
    hashie (4.1.0)
    hooks (0.4.1)
      uber (~> 0.0.14)
    htmlentities (4.3.4)
    http-accept (1.7.0)
    http-cookie (1.0.4)
      domain_name (~> 0.5)
    httpclient (2.8.3)
    i18n (1.8.10)
      concurrent-ruby (~> 1.0)
    iso-639 (0.3.5)
    jbuilder (2.11.2)
      activesupport (>= 5.0.0)
    jquery-rails (4.4.0)
      rails-dom-testing (>= 1, < 3)
      railties (>= 4.2.0)
      thor (>= 0.14, < 2.0)
    jquery-ui-rails (6.0.1)
      railties (>= 3.2.16)
    json (2.6.1)
    kaminari (1.1.1)
      activesupport (>= 4.1.0)
      kaminari-actionview (= 1.1.1)
      kaminari-activerecord (= 1.1.1)
      kaminari-core (= 1.1.1)
    kaminari-actionview (1.1.1)
      actionview
      kaminari-core (= 1.1.1)
    kaminari-activerecord (1.1.1)
      activerecord
      kaminari-core (= 1.1.1)
    kaminari-core (1.1.1)
    leaflet-rails (1.2.0)
      rails (>= 4.2.0)
    libv8 (8.4.255.0)
    link_header (0.0.8)
    loofah (2.12.0)
      crass (~> 1.0.2)
      nokogiri (>= 1.5.9)
    mail (2.7.1)
      mini_mime (>= 0.1.1)
    marcel (1.0.2)
    matrix (0.4.2)
    method_source (1.0.0)
    mime-types (3.3.1)
      mime-types-data (~> 3.2015)
    mime-types-data (3.2021.0901)
    mini_mime (1.1.2)
    mini_portile2 (2.3.0)
    minitest (5.14.4)
    mods (2.4.1)
      edtf
      iso-639
      nokogiri (>= 1.6.6)
      nom-xml (~> 1.0)
    mono_logger (1.1.1)
    msgpack (1.4.2)
    multi_json (1.15.0)
    multipart-post (2.1.1)
    mustermann (1.1.1)
      ruby2_keywords (~> 0.0.1)
    mysql2 (0.5.2)
    net-http-persistent (2.9.4)
    net-scp (3.0.0)
      net-ssh (>= 2.6.5, < 7.0.0)
    net-ssh (6.1.0)
    netrc (0.11.0)
    nio4r (2.5.8)
    nokogiri (1.8.5)
      mini_portile2 (~> 2.3.0)
    nom-xml (1.1.0)
      activesupport (>= 3.2.18)
      i18n
      nokogiri
    om (3.2.0)
      activemodel (>= 5.1, < 7)
      activesupport
      nokogiri (>= 1.4.2)
      solrizer (~> 3.3)
    omniauth (1.9.1)
      hashie (>= 3.4.6)
      rack (>= 1.6.2, < 3)
    omniauth-cas (2.0.0)
      addressable (~> 2.3)
      nokogiri (~> 1.5)
      omniauth (~> 1.2)
    orm_adapter (0.5.0)
    parallel (1.21.0)
    parser (3.0.2.0)
      ast (~> 2.4.1)
    powerpack (0.1.3)
    public_suffix (4.0.6)
    puma (5.5.2)
      nio4r (~> 2.0)
    rack (2.2.3)
    rack-protection (2.1.0)
      rack
    rack-test (1.1.0)
      rack (>= 1.0, < 3)
    rails (5.2.6)
      actioncable (= 5.2.6)
      actionmailer (= 5.2.6)
      actionpack (= 5.2.6)
      actionview (= 5.2.6)
      activejob (= 5.2.6)
      activemodel (= 5.2.6)
      activerecord (= 5.2.6)
      activestorage (= 5.2.6)
      activesupport (= 5.2.6)
      bundler (>= 1.3.0)
      railties (= 5.2.6)
      sprockets-rails (>= 2.0.0)
    rails-dom-testing (2.0.3)
      activesupport (>= 4.2.0)
      nokogiri (>= 1.6)
    rails-html-sanitizer (1.4.2)
      loofah (~> 2.3)
    railties (5.2.6)
      actionpack (= 5.2.6)
      activesupport (= 5.2.6)
      method_source
      rake (>= 0.8.7)
      thor (>= 0.19.0, < 2.0)
    rainbow (3.0.0)
    rake (11.3.0)
    rb-fsevent (0.11.0)
    rb-inotify (0.10.1)
      ffi (~> 1.0)
    rdf (1.99.1)
      link_header (~> 0.0, >= 0.0.8)
    rdf-aggregate-repo (1.99.0)
      rdf (~> 1.99)
    rdf-rdfa (1.99.3)
      haml (>= 4.0, < 6.0)
      htmlentities (~> 4.3)
      rdf (~> 1.99)
      rdf-aggregate-repo (~> 1.1)
      rdf-xsd (~> 1.1)
    rdf-rdfxml (1.99.1)
      htmlentities (~> 4.3)
      rdf (~> 1.99)
      rdf-rdfa (~> 1.99)
      rdf-xsd (~> 1.99)
    rdf-vocab (0.8.8)
      rdf (~> 1.1, >= 1.1.10)
    rdf-xsd (1.99.0)
      rdf (~> 1.99)
    rdoc (6.3.2)
    redcarpet (3.5.1)
    redis (3.3.5)
    redis-namespace (1.8.1)
      redis (>= 3.0.4)
    regexp_parser (2.1.1)
    responders (3.0.1)
      actionpack (>= 5.0)
      railties (>= 5.0)
    resque (1.26.0)
      mono_logger (~> 1.0)
      multi_json (~> 1.0)
      redis-namespace (~> 1.3)
      sinatra (>= 0.9.2)
      vegas (~> 0.1.2)
    rest-client (2.1.0)
      http-accept (>= 1.7.0, < 2.0)
      http-cookie (>= 1.0.2, < 2.0)
      mime-types (>= 1.16, < 4.0)
      netrc (~> 0.8)
    retriable (2.1.0)
    rexml (3.2.5)
    rsolr (2.3.0)
      builder (>= 2.1.2)
      faraday (>= 0.9.0)
    rspec-core (3.10.1)
      rspec-support (~> 3.10.0)
    rspec-expectations (3.10.1)
      diff-lcs (>= 1.2.0, < 2.0)
      rspec-support (~> 3.10.0)
    rspec-json_expectations (2.2.0)
    rspec-mocks (3.10.2)
      diff-lcs (>= 1.2.0, < 2.0)
      rspec-support (~> 3.10.0)
    rspec-rails (5.0.2)
      actionpack (>= 5.2)
      activesupport (>= 5.2)
      railties (>= 5.2)
      rspec-core (~> 3.10)
      rspec-expectations (~> 3.10)
      rspec-mocks (~> 3.10)
      rspec-support (~> 3.10)
    rspec-support (3.10.2)
    rubocop (0.53.0)
      parallel (~> 1.10)
      parser (>= 2.5)
      powerpack (~> 0.1)
      rainbow (>= 2.2.2, < 4.0)
      ruby-progressbar (~> 1.7)
      unicode-display_width (~> 1.0, >= 1.0.1)
    rubocop-rails_config (0.1.3)
      railties (>= 3.0)
      rubocop (~> 0.53)
    rubocop-rspec (1.26.0)
      rubocop (>= 0.53.0)
    ruby-progressbar (1.11.0)
    ruby2_keywords (0.0.5)
    rubydora (2.1.0)
      activemodel (>= 4.2.10)
      activesupport
      deprecation
      equivalent-xml
      hooks (~> 0.3)
      mime-types
      nokogiri
      rest-client
    rubyzip (1.3.0)
    sass (3.7.4)
      sass-listen (~> 4.0.0)
    sass-listen (4.0.0)
      rb-fsevent (~> 0.9, >= 0.9.4)
      rb-inotify (~> 0.9, >= 0.9.7)
    sass-rails (5.0.8)
      railties (>= 5.2.0)
      sass (~> 3.1)
      sprockets (>= 2.8, < 4.0)
      sprockets-rails (>= 2.0, < 4.0)
      tilt (>= 1.1, < 3)
    sassc (2.4.0)
      ffi (~> 1.9)
    sdoc (2.2.0)
      rdoc (>= 5.0)
    selenium-webdriver (3.142.7)
      childprocess (>= 0.5, < 4.0)
      rubyzip (>= 1.2.2)
    sinatra (2.1.0)
      mustermann (~> 1.0)
      rack (~> 2.2)
      rack-protection (= 2.1.0)
      tilt (~> 2.0)
    solrizer (3.4.1)
      activesupport
      daemons
      nokogiri
      stomp
      xml-simple
    sparql (1.99.1)
      builder (~> 3.2)
      ebnf (~> 1.0)
      rdf (~> 1.99)
      rdf-aggregate-repo (~> 1.99)
      rdf-xsd (~> 1.1)
      sparql-client (~> 1.1)
      sxp (~> 0.1)
    sparql-client (1.99.0)
      net-http-persistent (~> 2.9)
      rdf (~> 1.1)
    sprockets (3.7.2)
      concurrent-ruby (~> 1.0)
      rack (> 1, < 3)
    sprockets-rails (3.2.2)
      actionpack (>= 4.0)
      activesupport (>= 4.0)
      sprockets (>= 3.0.0)
    sqlite3 (1.3.13)
    sshkit (1.21.2)
      net-scp (>= 1.1.2)
      net-ssh (>= 2.8.0)
    ssrf_filter (1.0.7)
    stomp (1.4.10)
    sxp (0.1.5)
    temple (0.8.2)
    thor (1.1.0)
    thread (0.2.2)
    thread_safe (0.3.6)
    tilt (2.0.10)
    twitter-typeahead-rails (0.11.1.pre.corejavascript)
      actionpack (>= 3.1)
      jquery-rails
      railties (>= 3.1)
    tzinfo (1.2.9)
      thread_safe (~> 0.1)
    uber (0.0.15)
    uglifier (4.2.0)
      execjs (>= 0.3.0, < 3)
    unf (0.1.4)
      unf_ext
    unf_ext (0.0.8)
    unicode-display_width (1.8.0)
    vegas (0.1.11)
      rack (>= 1.0.0)
    warden (1.2.9)
      rack (>= 2.0.9)
    webdrivers (4.7.0)
      nokogiri (~> 1.6)
      rubyzip (>= 1.3.0)
      selenium-webdriver (> 3.141, < 5.0)
    websocket-driver (0.7.5)
      websocket-extensions (>= 0.1.0)
    websocket-extensions (0.1.5)
    wowza-secure_token (0.0.1)
    xml-simple (1.1.9)
      rexml
    xpath (3.2.0)
      nokogiri (~> 1.8)

PLATFORMS
  ruby

DEPENDENCIES
  actionpack-action_caching
  active-fedora (>= 7.3.1)
  active-triples (~> 0.4.0)
  bigdecimal (~> 1.4.4)
  blacklight (~> 6.0)
  bootsnap
  bootstrap-sass (>= 3.2)
  cancancan (~> 2.0)
  capistrano (~> 3.5.0)
  capistrano-bundler (~> 1.1)
  capistrano-passenger (~> 0.1)
  capistrano-rails (~> 1.1)
  capistrano-rvm (~> 0.1)
  capybara (~> 3.32)
  carrierwave (~> 1.3)
  coderay
  coffee-rails
  colorbox-rails
  cul_hydra (~> 1.10.0)
  cul_omniauth (~> 0.6.1)
  database_cleaner
  devise
  devise-guests (~> 0.3)
  factory_bot_rails
  jbuilder
  jettywrapper (>= 2.0.5)!
  jquery-rails (~> 4.4.0)
  jquery-ui-rails (~> 6.0)
  kaminari (~> 1.1.1)
  leaflet-rails (~> 1.2.0)
  libv8 (>= 8.4.255.0)
  loofah (>= 2.2.1)
  mime-types
  mysql2 (= 0.5.2)
  net-ssh (>= 4.2)
  nokogiri (~> 1.8.2)
  puma (~> 5.2)
  rack-protection (>= 1.5.5)
  rails (~> 5.2.0)
  redcarpet
  redis (< 4)
  resque (~> 1.26.0)
  retriable (~> 2.1)
  rspec-json_expectations
  rspec-rails
  rubocop (~> 0.53.0)
  rubocop-rails_config
  rubocop-rspec (>= 1.20.1)
  rubydora
  rubyzip (>= 1.2.1)
  sass (>= 3.5.3)
  sass-rails (~> 5.0.0)
  sdoc
  selenium-webdriver (~> 3.142)
  sqlite3 (~> 1.3.6)
  uglifier (>= 1.3.0)
  webdrivers (~> 4.0)
  wowza-secure_token (= 0.0.1)

BUNDLED WITH
   2.1.4
